GEM
  remote: https://rubygems.org/
  specs:
    rake (12.3.1)

PLATFORMS
  ruby

DEPENDENCIES
  rake (~> 12.3)

BUNDLED WITH
   1.16.1
